GEM
  remote: http://rubygems.org/
  specs:
    ffi (1.0.1)
      rake (>= 0.8.7)
    rake (0.8.7)
    scrapi (2.0.0)
      tidy_ffi (>= 0.1.2)
    tidy_ffi (0.1.3)
      ffi (>= 0.3.5)

PLATFORMS
  ruby

DEPENDENCIES
  scrapi
